PATH
  remote: .
  specs:
    clarifier (0.0.3)

GEM
  remote: https://rubygems.org/
  specs:
    metaclass (0.0.4)
    minitest (5.0.8)
    mocha (1.0.0)
      metaclass (~> 0.0.1)
    rake (10.1.1)

PLATFORMS
  ruby

DEPENDENCIES
  bundler (~> 1.5)
  clarifier!
  minitest (~> 5.0.8)
  mocha
  rake
